PATH
  remote: .
  specs:
    pry_story (0.0.1)
      gosu

GEM
  remote: http://rubygems.org/
  specs:
    bacon (1.2.0)
    coderay (1.0.9)
    gosu (0.7.45)
    method_source (0.8.1)
    pry (0.9.12)
      coderay (~> 1.0.5)
      method_source (~> 0.8)
      slop (~> 3.4)
    rake (10.0.3)
    slop (3.4.4)

PLATFORMS
  ruby

DEPENDENCIES
  bacon
  pry
  pry_story!
  rake
